GEM
  remote: https://rubygems.org/
  specs:
    ast (2.4.2)
    faraday (1.3.0)
      faraday-net_http (~> 1.0)
      multipart-post (>= 1.2, < 3)
      ruby2_keywords
    faraday-net_http (1.0.1)
    faraday_middleware (1.0.0)
      faraday (~> 1.0)
    kintone (0.1.5)
      faraday (>= 0.9.2)
      faraday_middleware (>= 0.10.0)
    minitest (5.14.3)
    multipart-post (2.1.1)
    net-sftp (3.0.0)
      net-ssh (>= 5.0.0, < 7.0.0)
    net-ssh (6.1.0)
    parallel (1.20.1)
    parser (3.0.0.0)
      ast (~> 2.4.1)
    power_assert (2.0.0)
    rainbow (3.0.0)
    regexp_parser (2.0.3)
    rexml (3.2.4)
    rubocop (1.8.1)
      parallel (~> 1.10)
      parser (>= 3.0.0.0)
      rainbow (>= 2.2.2, < 4.0)
      regexp_parser (>= 1.8, < 3.0)
      rexml
      rubocop-ast (>= 1.2.0, < 2.0)
      ruby-progressbar (~> 1.7)
      unicode-display_width (>= 1.4.0, < 3.0)
    rubocop-ast (1.4.1)
      parser (>= 2.7.1.5)
    ruby-progressbar (1.11.0)
    ruby2_keywords (0.0.4)
    slack-notifier (2.3.2)
    test-unit (3.3.9)
      power_assert
    unicode-display_width (2.0.0)

PLATFORMS
  ruby

DEPENDENCIES
  kintone
  minitest
  net-sftp
  rubocop
  slack-notifier
  test-unit

BUNDLED WITH
   2.2.5
